GEM
  remote: http://rubygems.org/
  remote: http://gems.github.com/
  remote: http://gemcutter.org/
  specs:
    RedCloth (4.2.9)
    abstract (1.0.0)
    actionmailer (2.3.8)
      actionpack (= 2.3.8)
    actionpack (2.3.8)
      activesupport (= 2.3.8)
      rack (~> 1.1.0)
    activerecord (2.3.8)
      activesupport (= 2.3.8)
    activeresource (2.3.8)
      activesupport (= 2.3.8)
    activesupport (2.3.8)
    akismet (1.0.0)
    builder (3.2.2)
    configuration (1.3.2)
    cssmin (1.0.3)
    daemon_controller (1.1.5)
    daemons (1.1.9)
    erubis (2.7.0)
    eventmachine (1.0.3)
    faraday (0.8.8)
      multipart-post (~> 1.2.0)
    fastthread (1.0.7)
    file-tail (1.0.12)
      tins (~> 0.5)
    guardian-content (0.2.2)
      httparty (>= 0.5.2)
    hpricot (0.8.6)
    httparty (0.11.0)
      multi_json (~> 1.0)
      multi_xml (>= 0.5.2)
    innate (2011.10)
      rack (>= 1.1.0)
    jsmin (1.0.1)
    json (1.8.0)
    json_pure (1.8.0)
    multi_json (1.8.0)
    multi_xml (0.5.5)
    multipart-post (1.2.0)
    mysql (2.8.1)
    net-flickr (0.0.1)
      hpricot (>= 0.5)
    nokogiri (1.4.4)
    not-naughty (0.6.2)
      rubytree (>= 0.5.2)
    passenger (4.0.19)
      daemon_controller (>= 1.1.0)
      rack
      rake (>= 0.8.1)
    rack (1.1.6)
    rails (2.3.8)
      actionmailer (= 2.3.8)
      actionpack (= 2.3.8)
      activerecord (= 2.3.8)
      activeresource (= 2.3.8)
      activesupport (= 2.3.8)
      rake (>= 0.8.3)
    rake (10.1.0)
    ramaze (2009.02)
      rack (>= 0.3.0)
    rb-readline (0.5.0)
    rubytree (0.8.3)
      json (>= 1.7.5)
      structured_warnings (>= 0.1.3)
    sanitize (1.2.1)
      nokogiri (~> 1.4.1)
    sequel (4.2.0)
    sequel_notnaughty (0.6.2)
      not-naughty (= 0.6.2)
    simple_oauth (0.2.0)
    structured_warnings (0.1.4)
    thin (1.5.1)
      daemons (>= 1.0.9)
      eventmachine (>= 0.12.6)
      rack (>= 1.0.0)
    tins (0.11.0)
    tumblr-api (0.1.4)
      activesupport
      httparty
    twitter (4.8.1)
      faraday (~> 0.8, < 0.10)
      multi_json (~> 1.0)
      simple_oauth (~> 0.2)

PLATFORMS
  ruby

DEPENDENCIES
  RedCloth (= 4.2.9)
  abstract (= 1.0.0)
  akismet (= 1.0.0)
  builder (= 3.2.2)
  bundler
  configuration (= 1.3.2)
  cssmin (= 1.0.3)
  daemon_controller (= 1.1.5)
  daemons (= 1.1.9)
  erubis (= 2.7.0)
  eventmachine (= 1.0.3)
  fastthread (= 1.0.7)
  file-tail (= 1.0.12)
  guardian-content (~> 0.2.2)
  hpricot (= 0.8.6)
  innate (= 2011.10)
  jsmin (= 1.0.1)
  json_pure (= 1.8.0)
  mysql (= 2.8.1)
  net-flickr (= 0.0.1)
  nokogiri (= 1.4.4)
  not-naughty (= 0.6.2)
  passenger (= 4.0.19)
  rack (= 1.1.6)
  rails (= 2.3.8)
  rake (= 10.1.0)
  ramaze (= 2009.02)
  rb-readline (= 0.5.0)
  rubytree (= 0.8.3)
  sanitize (= 1.2.1)
  sequel (= 4.2.0)
  sequel_notnaughty (= 0.6.2)
  thin (= 1.5.1)
  tumblr-api (= 0.1.4)
  twitter (= 4.8.1)
