GEM
  remote: http://rubygems.org/
  remote: http://gems.github.com/
  remote: http://gemcutter.org/
  specs:
    RedCloth (4.2.3)
    abstract (1.0.0)
    actionmailer (2.3.8)
      actionpack (= 2.3.8)
    actionpack (2.3.8)
      activesupport (= 2.3.8)
      rack (~> 1.1.0)
    activerecord (2.3.8)
      activesupport (= 2.3.8)
    activeresource (2.3.8)
      activesupport (= 2.3.8)
    activesupport (2.3.8)
    akismet (0.1.2)
    builder (2.1.2)
    configuration (0.0.5)
    cssmin (1.0.2)
    daemon_controller (0.2.6)
    daemons (1.1.3)
    erubis (2.6.6)
      abstract (>= 1.0.0)
    eventmachine (0.12.10)
    fastthread (1.0.7)
    file-tail (1.0.5)
      spruz (>= 0.1.0)
    guardian-content (0.2.2)
      httparty (>= 0.5.2)
    hpricot (0.8.4)
    httparty (0.8.1)
      multi_json
      multi_xml
    innate (2011.04)
      rack (>= 1.1.0)
    jsmin (1.0.1)
    json_pure (1.1.9)
    multi_json (1.0.3)
    multi_xml (0.4.1)
    mysql (2.8.1)
    net-flickr (0.0.1)
      hpricot (>= 0.5)
    nokogiri (1.4.4)
    not-naughty (0.6.2)
      rubytree (>= 0.5.2)
    passenger (3.0.7)
      daemon_controller (>= 0.2.5)
      fastthread (>= 1.0.1)
      rack
      rake (>= 0.8.1)
    rack (1.1.2)
    rails (2.3.8)
      actionmailer (= 2.3.8)
      actionpack (= 2.3.8)
      activerecord (= 2.3.8)
      activeresource (= 2.3.8)
      activesupport (= 2.3.8)
      rake (>= 0.8.3)
    rake (0.9.2)
    ramaze (2009.02)
      rack (>= 0.3.0)
    rubytree (0.8.1)
    sanitize (1.2.1)
      nokogiri (~> 1.4.1)
    sequel (2.9.0)
    sequel_notnaughty (0.6.2)
      not-naughty (= 0.6.2)
    spruz (0.2.11)
    thin (1.5.0)
      daemons (>= 1.0.9)
      eventmachine (>= 0.12.6)
      rack (>= 1.0.0)
    tumblr-api (0.1.4)
      activesupport
      httparty

PLATFORMS
  ruby

DEPENDENCIES
  RedCloth
  abstract
  akismet
  builder
  bundler
  configuration
  cssmin
  daemon_controller
  daemons
  erubis
  eventmachine
  fastthread
  file-tail
  guardian-content (~> 0.2.2)
  hpricot
  innate
  jsmin
  json_pure
  mysql (= 2.8.1)
  net-flickr
  nokogiri
  not-naughty
  passenger
  rails (= 2.3.8)
  ramaze (= 2009.02)
  rubytree
  sanitize
  sequel
  sequel_notnaughty
  thin
  tumblr-api
